GEM
  remote: https://rubygems.org/
  specs:
    kramdown (2.4.0)
      rexml
    kramdown-parser-gfm (1.1.0)
      kramdown (~> 2.0)
    rake (13.1.0)
    rexml (3.2.6)
    rouge (4.2.0)
    rss (0.3.0)
      rexml
    webrick (1.8.1)

PLATFORMS
  arm64-darwin-22

DEPENDENCIES
  kramdown
  kramdown-parser-gfm
  rake
  rouge
  rss
  webrick

BUNDLED WITH
   2.4.13
